GEM
  remote: https://rubygems.org/
  specs:
    docile (1.3.5)
    rake (12.1.0)
    simplecov (0.21.2)
      docile (~> 1.1)
      simplecov-html (~> 0.11)
      simplecov_json_formatter (~> 0.1)
    simplecov-cobertura (1.4.2)
      simplecov (~> 0.8)
    simplecov-html (0.12.3)
    simplecov_json_formatter (0.1.2)

PLATFORMS
  x64-mingw32
  x86-mingw32

DEPENDENCIES
  rake
  simplecov (~> 0.21.2)
  simplecov-cobertura (~> 1.4, >= 1.4.2)

BUNDLED WITH
   1.15.3
