GEM
  remote: https://rubygems.org/
  specs:
    rake (12.1.0)

PLATFORMS
  x86-mingw32

DEPENDENCIES
  rake

BUNDLED WITH
   1.15.3
